GEM
  remote: https://rubygems.org/
  specs:
    addressable (2.8.1)
    public_suffix (4.0.6)
    colorator (1.1.0)
    concurrent-ruby (1.1.9)
    emoji (1.4.3)
    faraday (1.5.1)
    ffi (1.17.5)
    forwardable-extended (2.6.0)
    gh-pages (2.2.0)
    github-pages (218)
      addressable (= 2.8.1)
      faraday (= 1.5.1)
      jekyll (= 4.2.1)
      jekyll-avatar (= 0.6.0)
      jekyll-coffeescript (= 1.1.1)
      jekyll-commonmark (= 1.5.0)
      jekyll-default-layout (= 0.1.5)
      jekyll-feed (= 0.15.0)
      jekyll-gist (= 1.5.0)
      jekyll-github-metadata (= 3.0.0)
      jekyll-mentions (= 1.6.0)
      jekyll-optional-front-matter (= 0.3.3)
      jekyll-paginate (= 1.1.0)
      jekyll-readme-index (= 0.2.0)
      jekyll-redirect-from (= 0.16.0)
      jekyll-relative-links (= 0.6.0)
      jekyll-seo-tag (= 2.7.1)
      jekyll-sitemap (= 1.4.1)
      jekyll-swiss (= 0.4.0)
      jekyll-theme-architect (= 0.1.3)
      jekyll-theme-cayman (= 0.1.1)
      jekyll-theme-dinky (= 0.1.1)
      jekyll-theme-hacker (= 0.1.1)
      jekyll-theme-leap-day (= 0.1.1)
      jekyll-theme-merlot (= 0.1.1)
      jekyll-theme-midnight (= 0.1.1)
      jekyll-theme-minimal (= 0.1.1)
      jekyll-theme-modernist (= 0.1.1)
      jekyll-theme-primer (= 0.5.4)
      jekyll-theme-slate (= 0.1.1)
      jekyll-theme-tactile (= 0.1.1)
      jekyll-theme-time-machine (= 0.1.1)
      jekyll-titles-from-headings (= 0.5.3)
      jekyll-watch (= 2.2.1)
      kramdown (= 2.3.1)
      liquid (= 4.0.3)
      mercenary (= 0.4.0)
      mini_portile2 (= 2.7.1)
      minima (= 2.5.1)
      nokogiri (~> 1.10)
      octokit (= 4.21.1)
      pathutil (= 0.16.2)
      public_suffix (= 4.0.6)
      rouge (= 3.26.0)
      safe_yaml (= 1.0.5)
      sassc (= 2.4.0)
      terminal-table (~> 2.0)
      terminal-table-colorize (~> 1.2)
      thread_safe (~> 0.3)
      typhoeus (= 1.4.0)
      tzinfo (~> 2.0)
      unicode-display_width (= 2.0.0)
      webrick (~> 1.7)
      zlib (>= 1.0.0)
    github-pages-health-check (1.17.0)
    jekyll (4.2.1)
      addressable (~> 2.4)
      colorator (~> 1.0)
      em-websocket (~> 0.5)
      i18n (~> 1.6)
      jekyll-sass-converter (~> 2.0)
      jekyll-watch (~> 2.0)
      kramdown (~> 2.1)
      liquid (~> 4.0)
      mercenary (~> 0.4)
      pathutil (~> 0.9)
      rouge (~> 3.0)
      safe_yaml (~> 1.0)
      webrick (~> 1.7)
    jekyll-archives (2.2.1)
      jekyll (~> 4.0)
      liquid (~> 4.0)
    jekyll-avatar (0.6.0)
      jekyll (~> 4.0)
      octokit (~> 4.0)
    jekyll-coffeescript (1.1.1)
      coffee-script (~> 2.2)
      jekyll (~> 4.0)
    jekyll-commonmark (1.5.0)
      commonmarker (~> 0.20.1)
      jekyll (~> 4.0)
    jekyll-default-layout (0.1.5)
      jekyll (~> 4.0)
    jekyll-feed (0.15.0)
    jekyll-gist (1.5.0)
    jekyll-github-metadata (3.0.0)
    jekyll-mentions (1.6.0)
    jekyll-optional-front-matter (0.3.3)
      jekyll (~> 4.0)
    jekyll-paginate (1.1.0)
    jekyll-readme-index (0.2.0)
      jekyll (~> 4.0)
    jekyll-redirect-from (0.16.0)
      jekyll (~> 4.0)
    jekyll-relative-links (0.6.0)
      jekyll (~> 4.0)
    jekyll-seo-tag (2.7.1)
      jekyll (~> 4.0)
    jekyll-sitemap (1.4.1)
    jekyll-swiss (0.4.0)
      jekyll (~> 4.0)
    jekyll-theme-architect (0.1.3)
      jekyll (~> 4.0)
    jekyll-theme-cayman (0.1.1)
      jekyll (~> 4.0)
    jekyll-theme-dinky (0.1.1)
      jekyll (~> 4.0)
    jekyll-theme-hacker (0.1.1)
      jekyll (~> 4.0)
    jekyll-theme-leap-day (0.1.1)
      jekyll (~> 4.0)
    jekyll-theme-merlot (0.1.1)
      jekyll (~> 4.0)
    jekyll-theme-midnight (0.1.1)
      jekyll (~> 4.0)
    jekyll-theme-minimal (0.1.1)
      jekyll (~> 4.0)
    jekyll-theme-modernist (0.1.1)
      jekyll (~> 4.0)
    jekyll-theme-primer (0.5.4)
      jekyll (~> 4.0)
    jekyll-theme-slate (0.1.1)
      jekyll (~> 4.0)
    jekyll-theme-tactile (0.1.1)
      jekyll (~> 4.0
